GEM
  remote: https://gems.ruby-china.org/
  specs:
    jpush (4.0.6)
    rack (1.6.5)
    rack-protection (1.5.3)
      rack
    sinatra (1.4.8)
      rack (~> 1.5)
      rack-protection (~> 1.4)
      tilt (>= 1.3, < 3)
    tilt (2.0.7)

PLATFORMS
  ruby

DEPENDENCIES
  jpush
  sinatra

BUNDLED WITH
   1.13.7
